GEM
  remote: http://rubygems.org/
  specs:
    builder (3.0.0)
    coffee-script (2.2.0)
      coffee-script-source
      execjs
    coffee-script-source (1.1.2)
    daemons (1.1.8)
    eventmachine (0.12.10)
    execjs (1.2.4)
      multi_json (~> 1.0)
    haml (3.1.2)
    hike (1.2.1)
    multi_json (1.0.3)
    rack (1.4.1)
    rake (0.9.2)
    rdiscount (1.6.8)
    sass (3.1.7)
    shotgun (0.9)
      rack (>= 1.0)
    sinatra (1.2.6)
      rack (~> 1.1)
      tilt (>= 1.2.2, < 2.0)
    sprockets (2.4.5)
      hike (~> 1.2)
      multi_json (~> 1.0)
      rack (~> 1.0)
      tilt (~> 1.1, != 1.3.0)
    thin (1.4.1)
      daemons (>= 1.0.9)
      eventmachine (>= 0.12.6)
      rack (>= 1.0.0)
    tilt (1.3.2)

PLATFORMS
  ruby

DEPENDENCIES
  builder
  coffee-script (= 2.2.0)
  haml (= 3.1.2)
  rake (= 0.9.2)
  rdiscount
  sass (= 3.1.7)
  shotgun
  sinatra (= 1.2.6)
  sprockets
  thin
